GEM
  remote: https://rubygems.org/
  specs:
    agoo (2.15.11)
    diff-lcs (1.5.1)
    rspec (3.13.0)
      rspec-core (~> 3.13.0)
      rspec-expectations (~> 3.13.0)
      rspec-mocks (~> 3.13.0)
    rspec-core (3.13.0)
      rspec-support (~> 3.13.0)
    rspec-expectations (3.13.1)
      diff-lcs (>= 1.2.0, < 2.0)
      rspec-support (~> 3.13.0)
    rspec-mocks (3.13.1)
      diff-lcs (>= 1.2.0, < 2.0)
      rspec-support (~> 3.13.0)
    rspec-support (3.13.1)
    sqlite3 (1.7.3-x86_64-linux)

PLATFORMS
  x86_64-linux

DEPENDENCIES
  agoo (~> 2.15, >= 2.15.11)
  rspec
  sqlite3 (~> 1.3, >= 1.3.11)

BUNDLED WITH
   2.3.15
